PATH
  remote: .
  specs:
    motorsports (0.1.0)
      activerecord (~> 5.1)
      dotenv (~> 2.2)
      rubyzip (~> 1.2)
      shopify_api (~> 4.8)
      smarter_csv (~> 1.1)
      sqlite3 (~> 1.3)

GEM
  remote: https://rubygems.org/
  specs:
    activemodel (5.1.1)
      activesupport (= 5.1.1)
    activemodel-serializers-xml (1.0.1)
      activemodel (> 5.x)
      activerecord (> 5.x)
      activesupport (> 5.x)
      builder (~> 3.1)
    activerecord (5.1.1)
      activemodel (= 5.1.1)
      activesupport (= 5.1.1)
      arel (~> 8.0)
    activeresource (5.0.0)
      activemodel (>= 5.0, < 6)
      activemodel-serializers-xml (~> 1.0)
      activesupport (>= 5.0, < 6)
    activesupport (5.1.1)
      concurrent-ruby (~> 1.0, >= 1.0.2)
      i18n (~> 0.7)
      minitest (~> 5.1)
      tzinfo (~> 1.1)
    addressable (2.5.1)
      public_suffix (~> 2.0, >= 2.0.2)
    arel (8.0.0)
    builder (3.2.3)
    concurrent-ruby (1.0.5)
    crack (0.4.3)
      safe_yaml (~> 1.0.0)
    dotenv (2.2.1)
    hashdiff (0.3.4)
    i18n (0.8.1)
    minitest (5.10.1)
    public_suffix (2.0.5)
    rack (2.0.1)
    rake (10.5.0)
    rubyzip (1.2.1)
    safe_yaml (1.0.4)
    shopify_api (4.8.0)
      activeresource (>= 3.0.0)
      rack
    smarter_csv (1.1.4)
    sqlite3 (1.3.13)
    thread_safe (0.3.6)
    tzinfo (1.2.3)
      thread_safe (~> 0.1)
    webmock (3.0.1)
      addressable (>= 2.3.6)
      crack (>= 0.3.2)
      hashdiff

PLATFORMS
  ruby

DEPENDENCIES
  bundler (~> 1.14)
  minitest (~> 5.0)
  motorsports!
  rack (~> 2.0)
  rake (~> 10.0)
  webmock (~> 3.0)

BUNDLED WITH
   1.14.6
